GIT
  remote: git@github.com:bhaberer/cinch-bag.git
  revision: 148225850719a2671190d9cc9450b593b1726e06
  specs:
    cinch-bag (1.1.0)
      cinch (~> 2.0.12)
      cinch-cooldown (~> 1.1.1)
      cinch-storage (~> 1.1.0)
      cinch-toolbox (~> 1.1.0)
      time-lord (~> 1.0.1)

GIT
  remote: git@github.com:bhaberer/time-lord.git
  revision: e846707488f6039b3d5a9acc22d3eac819fd9057
  specs:
    time-lord (1.0.2)

GEM
  remote: http://rubygems.org/
  specs:
    addressable (2.3.5)
    atomic (1.1.15)
    buftok (0.2.0)
    cinch (2.0.12)
    cinch-calculate (1.0.5)
      cinch (~> 2.0.12)
      cinch-cooldown (~> 1.1.1)
    cinch-convert (1.0.2)
      cinch (~> 2.0.12)
    cinch-cooldown (1.1.3)
      cinch (~> 2.0.12)
      time-lord (~> 1.0.1)
    cinch-dicebag (1.0.9)
      cinch (>= 2.0.12)
      cinch-cooldown (>= 1.1.1)
      cinch-storage (~> 1.1.0)
      cinch-toolbox (~> 1.1.0)
      time-lord (~> 1.0.1)
    cinch-hangouts (1.0.6)
      cinch (~> 2.0.12)
      cinch-storage (~> 1.1.0)
      cinch-toolbox (~> 1.1.0)
      time-lord (~> 1.0.1)
    cinch-karma (1.0.3)
      cinch (~> 2.0.12)
      cinch-cooldown (~> 1.1.1)
      cinch-storage (~> 1.1.0)
    cinch-links-logger (1.0.2)
      cinch (~> 2.0.12)
      cinch-cooldown (~> 1.1.1)
      cinch-storage (~> 1.1.0)
      cinch-toolbox (~> 1.1.0)
      time-lord (~> 1.0.1)
    cinch-links-tumblr (1.0.2)
      cinch (~> 2.0.12)
      cinch-storage (~> 1.1.0)
      cinch-toolbox (~> 1.1.0)
      tumblr-rb (~> 2.1.1)
      weary (~> 1.1.3)
    cinch-logger-canonical (0.0.1)
    cinch-logsearch (1.0.1)
      cinch (~> 2.0.0)
    cinch-notes (1.0.3)
      cinch (~> 2.0.12)
      cinch-storage (~> 1.1.0)
    cinch-pax-timer (1.0.8)
      cinch-cooldown (~> 1.1.1)
      cinch-toolbox (~> 1.1.0)
    cinch-seen (1.0.3)
      cinch (~> 2.0.12)
      cinch-cooldown (~> 1.1.1)
      cinch-storage (~> 1.1.0)
      cinch-toolbox (~> 1.1.0)
      time-lord (~> 1.0.1)
    cinch-storage (1.1.0)
      cinch (~> 2.0.12)
      psych (~> 1.3.4)
    cinch-toolbox (1.1.4)
      nokogiri (~> 1.6.0)
      patron (~> 0.4.18)
    cinch-twitterstatus (1.1.0)
      cinch (~> 2.0.12)
      cinch-toolbox (~> 1.1.0)
      twitter (~> 5.7.1)
    cinch-twitterwatch (1.0.2)
      cinch (~> 2.0, >= 2.0.12)
      cinch-toolbox (~> 1.1, >= 1.1.2)
      twitter (~> 5.7, >= 5.7.1)
    cinch-urbandict (1.0.3)
      cinch (~> 2.0.12)
      cinch-cooldown (~> 1.1.1)
      cinch-toolbox (~> 1.1.0)
    cinch-wikipedia (1.0.3)
      cinch (~> 2.0.12)
      cinch-cooldown (~> 1.1.1)
      cinch-toolbox (~> 1.1.0)
    equalizer (0.0.9)
    faraday (0.9.0)
      multipart-post (>= 1.2, < 3)
    http (0.5.0)
      http_parser.rb
    http_parser.rb (0.6.0)
    json (1.8.1)
    launchy (2.1.2)
      addressable (~> 2.3)
    memoizable (0.4.1)
      thread_safe (~> 0.2.0)
    mini_portile (0.6.0)
    multi_json (1.9.0)
    multipart-post (2.0.0)
    naught (1.0.0)
    nokogiri (1.6.2.1)
      mini_portile (= 0.6.0)
    patron (0.4.18)
    promise (0.3.0)
    psych (1.3.4)
    rack (1.5.2)
    rack-protection (1.5.2)
      rack
    simple_oauth (0.2.0)
    sinatra (1.4.4)
      rack (~> 1.4)
      rack-protection (~> 1.4)
      tilt (~> 1.3, >= 1.3.4)
    thor (0.18.1)
    thread_safe (0.2.0)
      atomic (>= 1.1.7, < 2)
    tilt (1.4.1)
    tumblr-rb (2.1.1)
      launchy (~> 2.1.2)
      sinatra (~> 1.4.0)
      thor (~> 0.18.0)
      weary (~> 1.1.0)
    twitter (5.7.1)
      addressable (~> 2.3)
      buftok (~> 0.2.0)
      equalizer (~> 0.0.9)
      faraday (~> 0.9.0)
      http (~> 0.5.0)
      http_parser.rb (~> 0.6.0)
      json (~> 1.8)
      memoizable (~> 0.4.0)
      naught (~> 1.0)
      simple_oauth (~> 0.2.0)
    weary (1.1.3)
      addressable (~> 2.3)
      multi_json (~> 1.7)
      promise (~> 0.3.0)
      rack (~> 1.5)
      simple_oauth (~> 0.2)

PLATFORMS
  ruby

DEPENDENCIES
  cinch (~> 2.0.12)
  cinch-bag!
  cinch-calculate (~> 1.0.5)
  cinch-convert (~> 1.0.2)
  cinch-cooldown (~> 1.1.2)
  cinch-dicebag (~> 1.0.9)
  cinch-hangouts (~> 1.0.6)
  cinch-karma (~> 1.0.3)
  cinch-links-logger (~> 1.0.2)
  cinch-links-tumblr (~> 1.0.2)
  cinch-logger-canonical (~> 0.0.1)
  cinch-logsearch (~> 1.0.1)
  cinch-notes (~> 1.0.1)
  cinch-pax-timer (~> 1.0.8)
  cinch-seen (~> 1.0.3)
  cinch-twitterstatus (~> 1.1.0)
  cinch-twitterwatch (~> 1.0.1)
  cinch-urbandict (~> 1.0.3)
  cinch-wikipedia (~> 1.0.3)
  time-lord!
