GIT
  remote: git@github.com:bhaberer/cinch-bag.git
  revision: 3dcef1b7752fa38ac244943c8a72a05781b4e9ac
  specs:
    cinch-bag (0.0.2)
      cinch-cooldown (>= 0.0.1)
      cinch-storage (>= 0.0.1)
      cinch-toolbox (>= 0.0.5)
      time-lord (>= 1.0.1)

GIT
  remote: git@github.com:bhaberer/cinch-pax-timer.git
  revision: 6220a547aa96222af54f8c9538ecf31b39d0972c
  specs:
    cinch-pax-timer (0.0.1)
      cinch-cooldown (>= 0.0.1)

GEM
  remote: http://rubygems.org/
  specs:
    addressable (2.3.4)
    cinch (2.0.4)
    cinch-calculate (0.0.1)
    cinch-convert (0.0.1)
    cinch-cooldown (1.0.0)
      time-lord (>= 1.0.1)
    cinch-dicebag (1.0.2)
      cinch (>= 2.0.0)
      cinch-cooldown (>= 1.0.0)
      cinch-storage (~> 0.0.2)
      cinch-toolbox (~> 1.0.0)
      time-lord (~> 1.0.1)
    cinch-hangouts (0.0.1)
      cinch (>= 2.0.0)
      cinch-storage
      cinch-toolbox
      time-lord (= 1.0.1)
    cinch-karma (0.0.1)
      cinch (>= 2.0.0)
      cinch-cooldown
      cinch-storage
    cinch-links-logger (0.0.1)
      cinch-storage (>= 0.0.1)
      cinch-toolbox (>= 0.0.5)
      time-lord (>= 1.0.1)
    cinch-links-tumblr (0.0.3)
      cinch (>= 2.0.0)
      cinch-storage (>= 0.0.1)
      cinch-toolbox (>= 0.0.5)
      tumblr-rb (>= 2.0.0)
      weary (>= 1.1.3)
    cinch-logger-canonical (0.0.1)
    cinch-logsearch (0.0.1)
    cinch-seen (0.0.2)
      cinch (>= 2.0.0)
      cinch-cooldown
      cinch-storage
      cinch-toolbox
      time-lord (= 1.0.1)
    cinch-storage (0.0.2)
      psych (= 1.3.4)
    cinch-toolbox (1.0.0)
      nokogiri (~> 1.5.9)
      patron (~> 0.4.18)
    cinch-twitterstatus (0.0.1)
      twitter (= 4.6.2)
    cinch-urbandict (0.0.3)
      cinch-cooldown
      cinch-toolbox (>= 0.0.3)
    cinch-wikipedia (1.0.0)
      cinch (~> 2.0.4)
      cinch-cooldown (~> 1.0.0)
      cinch-toolbox (~> 1.0.0)
    faraday (0.8.7)
      multipart-post (~> 1.1)
    launchy (2.1.2)
      addressable (~> 2.3)
    multi_json (1.7.7)
    multipart-post (1.2.0)
    nokogiri (1.5.10)
    patron (0.4.18)
    promise (0.3.0)
    psych (1.3.4)
    rack (1.5.2)
    rack-protection (1.5.0)
      rack
    simple_oauth (0.2.0)
    sinatra (1.4.3)
      rack (~> 1.4)
      rack-protection (~> 1.4)
      tilt (~> 1.3, >= 1.3.4)
    thor (0.18.1)
    tilt (1.4.1)
    time-lord (1.0.1)
    tumblr-rb (2.1.1)
      launchy (~> 2.1.2)
      sinatra (~> 1.4.0)
      thor (~> 0.18.0)
      weary (~> 1.1.0)
    twitter (4.6.2)
      faraday (~> 0.8, < 0.10)
      multi_json (~> 1.0)
      simple_oauth (~> 0.2)
    weary (1.1.3)
      addressable (~> 2.3)
      multi_json (~> 1.7)
      promise (~> 0.3.0)
      rack (~> 1.5)
      simple_oauth (~> 0.2)

PLATFORMS
  ruby

DEPENDENCIES
  cinch
  cinch-bag!
  cinch-calculate (>= 0.0.1)
  cinch-convert (>= 0.0.1)
  cinch-dicebag (>= 1.0.2)
  cinch-hangouts (>= 0.0.1)
  cinch-karma (>= 0.0.1)
  cinch-links-logger (>= 0.0.1)
  cinch-links-tumblr (>= 0.0.3)
  cinch-logger-canonical (>= 0.0.1)
  cinch-logsearch (>= 0.0.1)
  cinch-pax-timer!
  cinch-seen (>= 0.0.2)
  cinch-twitterstatus (>= 0.0.1)
  cinch-urbandict (>= 0.0.3)
  cinch-wikipedia (>= 1.0.0)
