GIT
  remote: git@github.com:bhaberer/cinch-bag.git
  revision: c5bcb34379346d5fece968316f3059ebe689ac3e
  specs:
    cinch-bag (1.0.0)
      cinch (~> 2.0.0)
      cinch-cooldown (~> 1.0.1)
      cinch-storage (~> 1.0.2)
      cinch-toolbox (~> 1.0.3)
      time-lord (~> 1.0.1)

GEM
  remote: http://rubygems.org/
  specs:
    addressable (2.3.5)
    cinch (2.0.10)
    cinch-calculate (1.0.0)
    cinch-convert (1.0.0)
      cinch (~> 2.0.5)
    cinch-cooldown (1.0.1)
      cinch (~> 2.0.5)
      time-lord (~> 1.0.1)
    cinch-dicebag (1.0.6)
      cinch (>= 2.0.5)
      cinch-cooldown (>= 1.0.1)
      cinch-storage (~> 1.0.1)
      cinch-toolbox (~> 1.0.3)
      time-lord (~> 1.0.1)
    cinch-hangouts (1.0.4)
      cinch (~> 2.0.5)
      cinch-storage (~> 1.0.3)
      cinch-toolbox (~> 1.0.3)
      time-lord (~> 1.0.1)
    cinch-karma (1.0.1)
      cinch (~> 2.0.5)
      cinch-cooldown (~> 1.0.1)
      cinch-storage (~> 1.0.1)
    cinch-links-logger (1.0.0)
      cinch (~> 2.0.5)
      cinch-cooldown (~> 1.0.0)
      cinch-storage (~> 1.0.1)
      cinch-toolbox (~> 1.0.3)
      time-lord (~> 1.0.1)
    cinch-links-tumblr (1.0.1)
      cinch (~> 2.0.5)
      cinch-storage (~> 1.0.0)
      cinch-toolbox (~> 1.0.3)
      tumblr-rb (~> 2.1.1)
      weary (~> 1.1.3)
    cinch-logger-canonical (0.0.1)
    cinch-logsearch (1.0.0)
      cinch (~> 2.0.0)
    cinch-notes (1.0.1)
      cinch
      cinch-storage
      cinch-toolbox
    cinch-pax-timer (1.0.2)
      cinch-cooldown (~> 1.0.1)
      cinch-toolbox (~> 1.0.3)
    cinch-seen (1.0.2)
      cinch (~> 2.0.5)
      cinch-cooldown (~> 1.0.1)
      cinch-storage (~> 1.0.1)
      cinch-toolbox (~> 1.0.3)
      time-lord (~> 1.0.1)
    cinch-storage (1.0.3)
      psych (~> 1.3.4)
    cinch-toolbox (1.0.3)
      nokogiri (~> 1.6.0)
      patron (~> 0.4.18)
    cinch-twitterstatus (1.0.1)
      cinch (~> 2.0.0)
      twitter (~> 4.8.1)
    cinch-urbandict (1.0.2)
      cinch (~> 2.0.4)
      cinch-cooldown (~> 1.0.1)
      cinch-toolbox (~> 1.0.3)
    cinch-wikipedia (1.0.1)
      cinch (~> 2.0.5)
      cinch-cooldown (~> 1.0.1)
      cinch-toolbox (~> 1.0.3)
    faraday (0.8.8)
      multipart-post (~> 1.2.0)
    launchy (2.1.2)
      addressable (~> 2.3)
    mini_portile (0.5.1)
    multi_json (1.7.9)
    multipart-post (1.2.0)
    nokogiri (1.6.0)
      mini_portile (~> 0.5.0)
    patron (0.4.18)
    promise (0.3.0)
    psych (1.3.4)
    rack (1.5.2)
    rack-protection (1.5.2)
      rack
    simple_oauth (0.2.0)
    sinatra (1.4.4)
      rack (~> 1.4)
      rack-protection (~> 1.4)
      tilt (~> 1.3, >= 1.3.4)
    thor (0.18.1)
    tilt (1.4.1)
    time-lord (1.0.1)
    tumblr-rb (2.1.1)
      launchy (~> 2.1.2)
      sinatra (~> 1.4.0)
      thor (~> 0.18.0)
      weary (~> 1.1.0)
    twitter (4.8.1)
      faraday (~> 0.8, < 0.10)
      multi_json (~> 1.0)
      simple_oauth (~> 0.2)
    weary (1.1.3)
      addressable (~> 2.3)
      multi_json (~> 1.7)
      promise (~> 0.3.0)
      rack (~> 1.5)
      simple_oauth (~> 0.2)

PLATFORMS
  ruby

DEPENDENCIES
  cinch (~> 2.0.10)
  cinch-bag!
  cinch-calculate (~> 1.0.0)
  cinch-convert (~> 1.0.0)
  cinch-dicebag (~> 1.0.6)
  cinch-hangouts (~> 1.0.4)
  cinch-karma (~> 1.0.1)
  cinch-links-logger (~> 1.0.0)
  cinch-links-tumblr (~> 1.0.1)
  cinch-logger-canonical (~> 0.0.1)
  cinch-logsearch (~> 1.0.0)
  cinch-notes (~> 1.0.1)
  cinch-pax-timer (~> 1.0.2)
  cinch-seen (~> 1.0.2)
  cinch-twitterstatus (~> 1.0.1)
  cinch-urbandict (~> 1.0.2)
  cinch-wikipedia (~> 1.0.1)
